GEM
  remote: http://rubygems.org/
  specs:
    actionmailer (2.3.18)
      actionpack (= 2.3.18)
    actionpack (2.3.18)
      activesupport (= 2.3.18)
      rack (~> 1.1.0)
    activerecord (2.3.18)
      activesupport (= 2.3.18)
    activerecord-mysql2-adapter (0.0.3)
      mysql2
    activeresource (2.3.18)
      activesupport (= 2.3.18)
    activesupport (2.3.18)
    calendar_date_select (1.16.1)
    chardet (0.9.0)
    cocaine (0.3.2)
    columnize (0.9.0)
    daemons (1.0.10)
    debugger (1.6.8)
      columnize (>= 0.3.1)
      debugger-linecache (~> 1.2.0)
      debugger-ruby_core_source (~> 1.3.5)
    debugger-linecache (1.2.0)
    debugger-ruby_core_source (1.3.8)
    declarative_authorization (0.5.7)
    delayed_job (2.0.8)
      activesupport (~> 2.0)
      daemons (= 1.0.10)
    factory_girl (2.6.4)
      activesupport (>= 2.3.9)
    has_and_belongs_to_many_with_deferred_save (0.2.0)
      activerecord
    hoe (3.15.0)
      rake (>= 0.8, < 12.0)
    html5 (0.10.0)
      chardet (>= 0.9.0)
      hoe (>= 1.2.0)
    i18n (0.7.0)
    in_place_editing (1.2.0)
    mime-types (1.25)
    mysql2 (0.4.4)
    paperclip (2.7.5)
      activerecord (>= 2.3.0)
      activesupport (>= 2.3.2)
      cocaine (~> 0.3.0)
      mime-types
    rack (1.1.6)
    rails (2.3.18)
      actionmailer (= 2.3.18)
      actionpack (= 2.3.18)
      activerecord (= 2.3.18)
      activeresource (= 2.3.18)
      activesupport (= 2.3.18)
      rake (>= 0.8.3)
    rake (10.1.0)
    rspec (1.3.2)
    searchlogic (2.5.8)
      activerecord (~> 2.3.12)
    shoulda-matchers (1.0.0)
    test-unit (1.2.3)
      hoe (>= 1.5.1)
    translator (1.0.0)
    wicked_pdf (0.7.0)
    will_paginate (2.3.16)
    xss_terminate (0.22)
      html5 (>= 0.10.0)

PLATFORMS
  ruby

DEPENDENCIES
  activerecord-mysql2-adapter
  calendar_date_select (= 1.16.1)
  debugger
  declarative_authorization (= 0.5.7)
  delayed_job (= 2.0.8)
  factory_girl
  has_and_belongs_to_many_with_deferred_save (= 0.2.0)
  i18n
  in_place_editing
  mime-types (= 1.25)
  mysql2
  paperclip (= 2.7.5)
  rails (= 2.3.18)
  rake (= 10.1.0)
  rspec (= 1.3.2)
  searchlogic (= 2.5.8)
  shoulda-matchers
  test-unit (= 1.2.3)
  translator (= 1.0.0)
  wicked_pdf (= 0.7.0)
  will_paginate (= 2.3.16)
  xss_terminate

BUNDLED WITH
   1.12.3
